GEM
  remote: https://rubygems.org/
  specs:
    Ascii85 (1.1.0)
    afm (0.2.2)
    bigdecimal (3.1.7)
    cmdparse (3.0.7)
    geom2d (0.4.1)
    hashery (2.1.2)
    hexapdf (0.40.0)
      cmdparse (~> 3.0, >= 3.0.3)
      geom2d (~> 0.4, >= 0.4.1)
      openssl (>= 2.2.1)
    openssl (3.2.0)
    pdf-reader (2.12.0)
      Ascii85 (~> 1.0)
      afm (~> 0.2.1)
      hashery (~> 2.0)
      ruby-rc4
      ttfunk
    ruby-rc4 (0.1.5)
    ttfunk (1.8.0)
      bigdecimal (~> 3.1)

PLATFORMS
  x86_64-darwin-21

DEPENDENCIES
  hexapdf
  pdf-reader

BUNDLED WITH
   2.3.7
